GEM
  remote: https://rubygems.org/
  specs:
    RubyInline (3.12.4)
      ZenTest (~> 4.3)
    ZenTest (4.11.1)
    coderay (1.1.2)
    docile (1.3.1)
    ffi (1.9.25-java)
    fuzzy-string-match (1.0.1)
      RubyInline (>= 3.8.6)
    json (2.1.0-java)
    method_source (0.8.2)
    natto (1.1.1)
      ffi (>= 1.9.0)
    pry (0.10.4-java)
      coderay (~> 1.1.0)
      method_source (~> 0.8.1)
      slop (~> 3.4)
      spoon (~> 0.0)
    pry-nav (0.2.4)
      pry (>= 0.9.10, < 0.11.0)
    rake (12.3.1)
    simplecov (0.16.1)
      docile (~> 1.1)
      json (>= 1.8, < 3)
      simplecov-html (~> 0.10.0)
    simplecov-html (0.10.2)
    slop (3.6.0)
    spoon (0.0.6)
      ffi

PLATFORMS
  java

DEPENDENCIES
  fuzzy-string-match
  natto
  pry-nav
  rake
  simplecov

RUBY VERSION
   ruby 2.5.0p0 (jruby 9.2.4.0)

BUNDLED WITH
   1.17.1
